GEM
  remote: https://rubygems.org/
  specs:
    coderay (1.1.3)
    json (2.6.3)
    method_source (1.0.0)
    net-http (0.3.2)
      uri
    pry (0.14.2)
      coderay (~> 1.1)
      method_source (~> 1.0)
    sqlite3 (1.6.3-x86_64-linux)
    uri (0.12.2)

PLATFORMS
  x86_64-linux

DEPENDENCIES
  json
  net-http
  pry
  sqlite3

BUNDLED WITH
   2.2.3
